GEM
  remote: https://rubygems.org/
  specs:
    dotenv (2.0.2)
    mini_portile (0.6.2)
    nokogiri (1.6.5)
      mini_portile (~> 0.6.0)

PLATFORMS
  ruby

DEPENDENCIES
  dotenv
  nokogiri

BUNDLED WITH
   1.10.5
