GEM
  remote: https://rubygems.org/
  specs:
    dotenv (2.2.1)
    mini_portile2 (2.3.0)
    nokogiri (1.8.2)
      mini_portile2 (~> 2.3.0)

PLATFORMS
  ruby

DEPENDENCIES
  dotenv
  nokogiri

BUNDLED WITH
   1.16.1
